GEM
  remote: http://rubygems.org/
  specs:
    ghost (0.2.8)
    thor (0.14.6)

PLATFORMS
  ruby

DEPENDENCIES
  ghost
  thor
